GEM
  remote: https://rubygems.org/
  specs:
    activesupport (7.0.4.2)
      concurrent-ruby (~> 1.0, >= 1.0.2)
      i18n (>= 1.6, < 2)
      minitest (>= 5.1)
      tzinfo (~> 2.0)
    addressable (2.3.8)
    concurrent-ruby (1.2.0)
    dotenv (2.0.2)
    faraday (0.9.2)
      multipart-post (>= 1.2, < 3)
    i18n (1.12.0)
      concurrent-ruby (~> 1.0)
    minitest (5.17.0)
    multipart-post (2.0.0)
    octokit (4.1.1)
      sawyer (~> 0.6.0, >= 0.5.3)
    rack (1.6.4)
    rack-protection (1.5.3)
      rack
    rack-ssl-enforcer (0.2.9)
    redis (3.2.1)
    sawyer (0.6.0)
      addressable (~> 2.3.5)
      faraday (~> 0.8, < 0.10)
    sinatra (1.4.6)
      rack (~> 1.4)
      rack-protection (~> 1.4)
      tilt (>= 1.3, < 3)
    sinatra_auth_github (1.2.0)
      sinatra (~> 1.0)
      warden-github (~> 1.2.0)
    tilt (2.0.1)
    tzinfo (2.0.6)
      concurrent-ruby (~> 1.0)
    warden (1.2.3)
      rack (>= 1.0)
    warden-github (1.2.0)
      activesupport (> 3.0)
      octokit (> 2.1.0)
      warden (> 1.0)

PLATFORMS
  ruby

DEPENDENCIES
  dotenv
  octokit
  rack-ssl-enforcer
  redis
  sinatra
  sinatra_auth_github

BUNDLED WITH
   1.10.6
